PATH
  remote: .
  specs:
    GitHelper (0.1.0)
      git (~> 1.2.9.1)
      highline
      plist (~> 3.1.0)

PATH
  remote: /Users/matrinox/Developer/highline
  specs:
    highline (2.0.0.pre.develop.5)

PATH
  remote: /Users/matrinox/Developer/ruby-git
  specs:
    git (1.2.9.1)

GEM
  remote: https://rubygems.org/
  specs:
    ast (2.2.0)
    awesome_print (1.6.1)
    byebug (8.2.1)
    coderay (1.1.0)
    coolline (0.5.0)
      unicode_utils (~> 1.4)
    diff-lcs (1.2.5)
    method_source (0.8.2)
    parser (2.3.0.2)
      ast (~> 2.2)
    plist (3.1.0)
    powerpack (0.1.1)
    pry (0.10.3)
      coderay (~> 1.1.0)
      method_source (~> 0.8.1)
      slop (~> 3.4)
    pry-byebug (3.3.0)
      byebug (~> 8.0)
      pry (~> 0.10)
    pry-coolline (0.2.5)
      coolline (~> 0.5)
    pry-inline (1.0.1)
      pry (~> 0.10.0)
      unicode (~> 0.4.4)
    pry-macro (1.0.1)
      highline
      pry
    pry-rails (0.3.4)
      pry (>= 0.9.10)
    pry-state (0.1.7)
      pry (>= 0.9.10, < 0.11.0)
    pry-toys (0.0.2)
      pry
    rainbow (2.1.0)
    rake (10.5.0)
    rspec (3.4.0)
      rspec-core (~> 3.4.0)
      rspec-expectations (~> 3.4.0)
      rspec-mocks (~> 3.4.0)
    rspec-core (3.4.2)
      rspec-support (~> 3.4.0)
    rspec-expectations (3.4.0)
      diff-lcs (>= 1.2.0, < 2.0)
      rspec-support (~> 3.4.0)
    rspec-mocks (3.4.1)
      diff-lcs (>= 1.2.0, < 2.0)
      rspec-support (~> 3.4.0)
    rspec-support (3.4.1)
    rubocop (0.36.0)
      parser (>= 2.3.0.0, < 3.0)
      powerpack (~> 0.1)
      rainbow (>= 1.99.1, < 3.0)
      ruby-progressbar (~> 1.7)
    ruby-progressbar (1.7.5)
    slop (3.6.0)
    unicode (0.4.4.2)
    unicode_utils (1.4.0)

PLATFORMS
  ruby

DEPENDENCIES
  GitHelper!
  awesome_print
  bundler (~> 1.11)
  byebug (~> 8.2.1)
  git!
  highline!
  plist
  pry
  pry-byebug (~> 3.3.0)
  pry-coolline (~> 0.2.5)
  pry-inline (~> 1.0.1)
  pry-macro (~> 1.0.1)
  pry-rails (~> 0.3.4)
  pry-state (~> 0.1.7)
  pry-toys (~> 0.0.2)
  rake (~> 10.0)
  rspec (~> 3.0)
  rubocop

BUNDLED WITH
   1.11.2
